GEM
  remote: https://rubygems.org/
  specs:
    addressable (2.3.2)
    adsf (1.1.1)
      rack (>= 1.0.0)
    builder (3.1.3)
    chunky_png (1.2.8)
    coffee-script (2.2.0)
      coffee-script-source
      execjs
    coffee-script-source (1.3.3)
    colored (1.2)
    compass (0.13.alpha.4)
      chunky_png (~> 1.2)
      listen (<= 0.9.9)
      sass (~> 3.2.5)
    cri (2.3.0)
      colored (>= 1.2)
    daemons (1.1.9)
    em-websocket (0.3.8)
      addressable (>= 2.1.1)
      eventmachine (>= 0.12.9)
    eventmachine (1.0.0)
    execjs (1.4.0)
      multi_json (~> 1.0)
    foreman (0.60.2)
      thor (>= 0.13.6)
    guard (1.4.0)
      listen (>= 0.4.2)
      thor (>= 0.14.6)
    guard-livereload (1.0.1)
      em-websocket (>= 0.2.0)
      guard (>= 1.1.0)
      multi_json (~> 1.0)
    haml (3.1.7)
    listen (0.5.3)
    maruku (0.6.1)
      syntax (>= 1.0.0)
    mime-types (1.19)
    multi_json (1.3.6)
    nanoc (3.6.3)
      cri (~> 2.3)
    nokogiri (1.5.5)
    rack (1.4.1)
    sass (3.2.9)
    susy (1.0.1)
      compass (>= 0.12.2)
      sass (>= 3.2.0)
    syntax (1.0.0)
    thin (1.5.0)
      daemons (>= 1.0.9)
      eventmachine (>= 0.12.6)
      rack (>= 1.0.0)
    thor (0.16.0)

PLATFORMS
  ruby

DEPENDENCIES
  adsf
  builder
  coffee-script
  compass (~> 0.13.alpha)
  foreman
  guard-livereload
  haml
  maruku
  mime-types
  nanoc
  nokogiri
  susy
  thin
